PATH
  remote: .
  specs:
    terminal-notifier-guard (1.5.2)

GEM
  remote: http://rubygems.org/
  specs:
    bacon (1.1.0)
    metaclass (0.0.1)
    mocha (0.12.3)
      metaclass (~> 0.0.1)
    mocha-on-bacon (0.2.1)
      mocha (>= 0.9.8)
    rake (0.9.2.2)

PLATFORMS
  ruby

DEPENDENCIES
  bacon
  mocha
  mocha-on-bacon
  rake
  terminal-notifier-guard!
